PATH
  remote: .
  specs:
    bsdcontrol.rb (0.1.0)

GEM
  remote: https://rubygems.org/
  specs:
    power_assert (2.0.3)
    rake (13.1.0)
    rake-compiler (1.2.0)
      rake
    test-unit (3.6.2)
      power_assert

PLATFORMS
  amd64-freebsd-14
  ruby

DEPENDENCIES
  bsdcontrol.rb!
  rake-compiler (= 1.2.0)
  test-unit (~> 3.6)

BUNDLED WITH
   2.5.3
